PATH
  remote: .
  specs:
    router-client (1.0.0)
      builder
      null_logger

GEM
  remote: http://rubygems.org/
  specs:
    addressable (2.2.6)
    builder (3.0.0)
    crack (0.3.1)
    faraday (0.7.5)
      addressable (~> 2.2.6)
      multipart-post (~> 1.1.3)
      rack (>= 1.1.0, < 2)
    faraday_middleware (0.7.0)
      faraday (~> 0.7.3)
    gemfury (0.4.0)
      faraday (~> 0.7.4)
      faraday_middleware (~> 0.7.0)
      highline (~> 1.6.0)
      multi_json (~> 1.0.2)
      thor (~> 0.14.0)
    highline (1.6.8)
    multi_json (1.0.3)
    multipart-post (1.1.3)
    null_logger (0.0.1)
    rack (1.3.5)
    rake (0.9.2)
    test-unit (2.4.1)
    thor (0.14.6)
    webmock (1.7.7)
      addressable (~> 2.2, > 2.2.5)
      crack (>= 0.1.7)

PLATFORMS
  ruby

DEPENDENCIES
  gemfury
  rake
  router-client!
  test-unit
  webmock
