PATH
  remote: .
  specs:
    router-client (1.0.0)
      builder
      null_logger

GEM
  remote: http://rubygems.org/
  specs:
    addressable (2.2.6)
    builder (3.0.0)
    crack (0.3.1)
    null_logger (0.0.1)
    rake (0.9.2)
    test-unit (2.4.1)
    webmock (1.7.7)
      addressable (~> 2.2, > 2.2.5)
      crack (>= 0.1.7)

PLATFORMS
  ruby

DEPENDENCIES
  rake
  router-client!
  test-unit
  webmock
