PATH
  remote: ../client
  specs:
    router-client (2.0.3)
      builder
      null_logger

GEM
  remote: http://rubygems.org/
  specs:
    bson (1.5.2)
    bson_ext (1.5.2)
      bson (= 1.5.2)
    builder (3.0.0)
    mongo (1.5.2)
      bson (= 1.5.2)
    null_logger (0.0.1)
    rake (0.9.2.2)

PLATFORMS
  ruby

DEPENDENCIES
  bson_ext
  mongo
  rake
  router-client!
