PATH
  remote: ../client
  specs:
    router-client (2.0.3)
      activesupport
      builder
      null_logger

GEM
  remote: http://rubygems.org/
  specs:
    activesupport (3.2.3)
      i18n (~> 0.6)
      multi_json (~> 1.0)
    bson (1.5.2)
    bson_ext (1.5.2)
      bson (= 1.5.2)
    builder (3.0.0)
    i18n (0.6.0)
    mongo (1.5.2)
      bson (= 1.5.2)
    multi_json (1.3.2)
    null_logger (0.0.1)
    rake (0.9.2.2)

PLATFORMS
  ruby

DEPENDENCIES
  bson_ext
  mongo
  rake
  router-client!
